PATH
  remote: .
  specs:
    weese (1.0.0)
      faraday (~> 0.17.3)

GEM
  remote: https://rubygems.org/
  specs:
    faraday (0.17.3)
      multipart-post (>= 1.2, < 3)
    minitest (5.14.0)
    multipart-post (2.1.1)
    rake (12.3.3)

PLATFORMS
  ruby

DEPENDENCIES
  bundler (~> 2.1.a)
  minitest (~> 5.0)
  rake (~> 12.0)
  weese!

BUNDLED WITH
   2.1.4
